GIT
  remote: git://github.com/cucumber/aruba.git
  revision: fabc92edc45bf42b5747a0937dd31511d4ab774a
  specs:
    aruba (0.4.11)
      childprocess (>= 0.2.3)
      cucumber (>= 1.1.1)
      ffi (>= 1.0.11)
      rspec (>= 2.7.0)

GEM
  remote: http://rubygems.org/
  specs:
    builder (3.0.0)
    childprocess (0.3.1)
      ffi (~> 1.0.6)
    coderay (1.0.5)
    cucumber (1.1.9)
      builder (>= 2.1.2)
      diff-lcs (>= 1.1.2)
      gherkin (~> 2.9.0)
      json (>= 1.4.6)
      term-ansicolor (>= 1.0.6)
    diff-lcs (1.1.3)
    ffi (1.0.11)
    gherkin (2.9.0)
      json (>= 1.4.6)
    json (1.6.5)
    method_source (0.7.1)
    multi_json (1.1.0)
    pry (0.9.8.2)
      coderay (~> 1.0.5)
      method_source (~> 0.7)
      slop (>= 2.4.4, < 3)
    pry-nav (0.1.0)
      pry (~> 0.9.8.1)
    rake (0.9.2.2)
    rspec (2.8.0)
      rspec-core (~> 2.8.0)
      rspec-expectations (~> 2.8.0)
      rspec-mocks (~> 2.8.0)
    rspec-core (2.8.0)
    rspec-expectations (2.8.0)
      diff-lcs (~> 1.1.2)
    rspec-mocks (2.8.0)
    simplecov (0.6.1)
      multi_json (~> 1.0)
      simplecov-html (~> 0.5.3)
    simplecov-html (0.5.3)
    slop (2.4.4)
    term-ansicolor (1.0.7)

PLATFORMS
  ruby

DEPENDENCIES
  aruba!
  pry
  pry-nav
  rake
  rspec
  simplecov
